GEM
  remote: https://rubygems.org/
  specs:
    tabula-extractor (0.7.4-java)
      trollop (~> 2.0)
    trollop (2.0)

PLATFORMS
  java

DEPENDENCIES
  tabula-extractor
