GEM
  remote: https://rubygems.org/
  specs:
    byebug (3.5.1)
      columnize (~> 0.8)
      debugger-linecache (~> 1.2)
      slop (~> 3.6)
    columnize (0.8.9)
    curb (0.8.6)
    debugger-linecache (1.2.0)
    mini_portile (0.6.0)
    nokogiri (1.6.3.1)
      mini_portile (= 0.6.0)
    slop (3.6.0)

PLATFORMS
  ruby

DEPENDENCIES
  byebug
  curb
  nokogiri
